PATH
  remote: .
  specs:
    ach (0.5.16)
      holidays (>= 3.1)

GEM
  remote: https://rubygems.org/
  specs:
    appraisal (2.2.0)
      bundler
      rake
      thor (>= 0.14.0)
    autotest (5.0.0)
      minitest-autotest (~> 1.0)
    byebug (9.0.6)
    diff-lcs (1.3)
    holidays (8.3.0)
    minitest (5.14.1)
    minitest-autotest (1.1.1)
      minitest-server (~> 1.0)
      path_expander (~> 1.0)
    minitest-server (1.0.6)
      minitest (~> 5.0)
    path_expander (1.1.0)
    rake (13.0.1)
    rspec (3.9.0)
      rspec-core (~> 3.9.0)
      rspec-expectations (~> 3.9.0)
      rspec-mocks (~> 3.9.0)
    rspec-core (3.9.2)
      rspec-support (~> 3.9.3)
    rspec-expectations (3.9.2)
      diff-lcs (>= 1.2.0, < 2.0)
      rspec-support (~> 3.9.0)
    rspec-mocks (3.9.1)
      diff-lcs (>= 1.2.0, < 2.0)
      rspec-support (~> 3.9.0)
    rspec-support (3.9.3)
    thor (1.0.1)

PLATFORMS
  ruby

DEPENDENCIES
  ach!
  appraisal
  autotest
  byebug
  rake (>= 12.3.3)
  rspec (~> 3.2)

BUNDLED WITH
   2.1.4
